GEM
  remote: https://rubygems.org/
  specs:
    pretty_table (0.1.0)
    rake (10.4.2)

PLATFORMS
  ruby

DEPENDENCIES
  pretty_table
  rake
